GEM
  remote: https://rubygems.org/
  specs:
    liquid (5.0.1)
    redcarpet (3.5.1)

PLATFORMS
  ruby

DEPENDENCIES
  liquid (>= 2.6.1)
  redcarpet (>= 3.1.1)

BUNDLED WITH
   1.17.3
